GEM
  remote: http://rubygems.org/
  specs:
    aws-sdk (1.48.1)
      json (~> 1.4)
      nokogiri (>= 1.4.4)
    json (1.8.2)
    macaddr (1.7.1)
      systemu (~> 2.6.2)
    mini_portile (0.6.2)
    nokogiri (1.6.5-x86-mingw32)
      mini_portile (~> 0.6.0)
    systemu (2.6.4)
    uuid (2.3.7)
      macaddr (~> 1.0)

PLATFORMS
  x86-mingw32

DEPENDENCIES
  aws-sdk (~> 1.48.1)
  uuid (~> 2.3.7)
